GEM
  remote: https://rubygems.org/
  specs:
    activemodel (4.0.2)
      activesupport (= 4.0.2)
      builder (~> 3.1.0)
    activeresource (4.0.0)
      activemodel (~> 4.0)
      activesupport (~> 4.0)
      rails-observers (~> 0.1.1)
    activesupport (4.0.2)
      i18n (~> 0.6, >= 0.6.4)
      minitest (~> 4.2)
      multi_json (~> 1.3)
      thread_safe (~> 0.1)
      tzinfo (~> 0.3.37)
    addressable (2.2.8)
    atomic (1.1.14)
    builder (3.1.4)
    cobregratis (0.4.0)
      activeresource (~> 4.0)
      activesupport (~> 4.0)
    crack (0.4.1)
      safe_yaml (~> 0.9.0)
    daemons (1.1.8)
    diff-lcs (1.1.3)
    eventmachine (1.0.3)
    excon (0.14.2)
    haml (4.0.5)
      tilt
    heroku (2.28.7)
      heroku-api (~> 0.2.6)
      launchy (>= 0.3.2)
      netrc (~> 0.7.5)
      rest-client (~> 1.6.1)
      rubyzip
    heroku-api (0.2.6)
      excon (~> 0.14.0)
    i18n (0.6.9)
    launchy (2.1.0)
      addressable (~> 2.2.6)
    maruku (0.7.0)
    mime-types (1.19)
    minitest (4.3.2)
    multi_json (1.3.6)
    netrc (0.7.5)
    rack (1.4.1)
    rack-canonical-host (0.0.8)
      addressable
      rack (~> 1.0)
    rack-protection (1.5.1)
      rack
    rack-test (0.6.1)
      rack (>= 1.0)
    rails-observers (0.1.2)
      activemodel (~> 4.0)
    rest-client (1.6.7)
      mime-types (>= 1.16)
    rspec (2.14.1)
      rspec-core (~> 2.14.0)
      rspec-expectations (~> 2.14.0)
      rspec-mocks (~> 2.14.0)
    rspec-core (2.14.7)
    rspec-expectations (2.14.4)
      diff-lcs (>= 1.1.3, < 2.0)
    rspec-mocks (2.14.4)
    rubyzip (0.9.9)
    safe_yaml (0.9.7)
    shotgun (0.9)
      rack (>= 1.0)
    sinatra (1.4.4)
      rack (~> 1.4)
      rack-protection (~> 1.4)
      tilt (~> 1.3, >= 1.3.4)
    thin (1.6.1)
      daemons (>= 1.0.9)
      eventmachine (>= 1.0.0)
      rack (>= 1.0.0)
    thread_safe (0.1.3)
      atomic
    tilt (1.4.1)
    tzinfo (0.3.38)
    vcr (2.8.0)
    webmock (1.16.1)
      addressable (>= 2.2.7)
      crack (>= 0.3.2)

PLATFORMS
  ruby

DEPENDENCIES
  cobregratis (= 0.4.0)
  haml (= 4.0.5)
  heroku (= 2.28.7)
  maruku (= 0.7.0)
  rack-canonical-host (= 0.0.8)
  rack-test (= 0.6.1)
  rspec (= 2.14.1)
  shotgun (= 0.9)
  sinatra (= 1.4.4)
  thin (= 1.6.1)
  vcr (= 2.8.0)
  webmock (= 1.16.1)
